GEM
  remote: https://rubygems.org/
  specs:
    childprocess (4.1.0)
    nokogiri (1.13.4-x64-mingw32)
      racc (~> 1.4)
    racc (1.6.0)
    rexml (3.2.5)
    rubyzip (2.3.2)
    selenium-webdriver (4.1.0)
      childprocess (>= 0.5, < 5.0)
      rexml (~> 3.2, >= 3.2.5)
      rubyzip (>= 1.2.2)
    webdrivers (5.0.0)
      nokogiri (~> 1.6)
      rubyzip (>= 1.3.0)
      selenium-webdriver (~> 4.0)

PLATFORMS
  x64-mingw32

DEPENDENCIES
  selenium-webdriver
  webdrivers

BUNDLED WITH
   2.3.12
